{"Modality":"MR","MagneticFieldStrength":3,"ImagingFrequency":123.261,"Manufacturer":"Siemens","ManufacturersModelName":"Prisma_fit","InstitutionName":"CIMCYC","InstitutionAddress":"Paseo de la Cartuja StreetNo,Granada,Granada,ES,ZIP","DeviceSerialNumber":"167082","StationName":"AWP35461","BodyPartExamined":"HEAD","PatientPosition":"HFS","ProcedureStepDescription":"JUAN_SANCHEZ^LUISCASADO","SoftwareVersions":"syngo MR E11","MRAcquisitionType":"2D","SeriesDescription":"ep2d_TE25ms_TR2000","ProtocolName":"ep2d_TE25ms_TR2000","ScanningSequence":"EP","SequenceVariant":"SK","ScanOptions":"FS","SequenceName":"*epfid2d1_68","ImageType":["ORIGINAL","PRIMARY","M","ND","NORM","MOSAIC"],"NonlinearGradientCorrection":false,"SeriesNumber":11,"AcquisitionTime":"14:20:47.907500","AcquisitionNumber":1,"SliceThickness":3.5,"SpacingBetweenSlices":4.2,"SAR":0.0725277,"EchoTime":0.025,"RepetitionTime":2,"FlipAngle":80,"PartialFourier":1,"BaseResolution":68,"ShimSetting":[-1101,-10171,3782,470,30,-23,-134,-14],"TxRefAmp":208.477,"PhaseResolution":1,"ReceiveCoilName":"HeadNeck_64","ReceiveCoilActiveElements":"HC1-7","PulseSequenceDetails":"%SiemensSeq%\\ep2d_bold","CoilCombinationMethod":"Sum of Squares","ConsistencyInfo":"N4_VE11E_LATEST_20181129","MatrixCoilMode":"SENSE","PercentPhaseFOV":100,"PercentSampling":100,"EchoTrainLength":68,"PhaseEncodingSteps":68,"AcquisitionMatrixPE":68,"ReconMatrixPE":68,"BandwidthPerPixelPhaseEncode":29.412,"EffectiveEchoSpacing":0.000499996,"DerivedVendorReportedEchoSpacing":0.000499996,"TotalReadoutTime":0.0334997,"PixelBandwidth":2300,"PhaseEncodingDirection":"j","SliceTiming":[1.9225,1.865,1.81,1.7525,1.695,1.64,1.5825,1.5275,1.47,1.4125,1.3575,1.3,1.2425,1.1875,1.13,1.0725,1.0175,0.96,0.905,0.8475,0.79,0.735,0.6775,0.62,0.565,0.5075,0.4525,0.395,0.3375,0.2825,0.225,0.1675,0.1125,0.055,0],"ImageOrientationPatientDICOM":[0.981736,0.146223,-0.121711,-0.1816,0.910951,-0.370393],"InPlanePhaseEncodingDirectionDICOM":"COL","ConversionSoftware":"dcm2niix","ConversionSoftwareVersion":"v1.0.20220720","TaskName":"Passive reading"}
