{"Modality":"MR","MagneticFieldStrength":3,"ImagingFrequency":123.261,"Manufacturer":"Siemens","ManufacturersModelName":"Prisma_fit","InstitutionName":"CIMCYC","InstitutionAddress":"Paseo de la Cartuja StreetNo,Granada,Granada,ES,ZIP","DeviceSerialNumber":"167082","StationName":"AWP35461","BodyPartExamined":"HEAD","PatientPosition":"HFS","ProcedureStepDescription":"JUAN_SANCHEZ^LUISCASADO","SoftwareVersions":"syngo MR E11","MRAcquisitionType":"2D","SeriesDescription":"ep2d_TE25ms_TR2000","ProtocolName":"ep2d_TE25ms_TR2000","ScanningSequence":"EP","SequenceVariant":"SK","ScanOptions":"FS","SequenceName":"*epfid2d1_68","ImageType":["ORIGINAL","PRIMARY","M","ND","NORM","MOSAIC"],"NonlinearGradientCorrection":false,"SeriesNumber":16,"AcquisitionTime":"13:51:36.920000","AcquisitionNumber":1,"SliceThickness":3.5,"SpacingBetweenSlices":4.2,"SAR":0.0719074,"EchoTime":0.025,"RepetitionTime":2,"FlipAngle":80,"PartialFourier":1,"BaseResolution":68,"ShimSetting":[-1081,-10151,3724,367,3,111,-67,-9],"TxRefAmp":227.243,"PhaseResolution":1,"ReceiveCoilName":"HeadNeck_64","ReceiveCoilActiveElements":"HC1-7","PulseSequenceDetails":"%SiemensSeq%\\ep2d_bold","CoilCombinationMethod":"Sum of Squares","ConsistencyInfo":"N4_VE11E_LATEST_20181129","MatrixCoilMode":"SENSE","PercentPhaseFOV":100,"PercentSampling":100,"EchoTrainLength":68,"PhaseEncodingSteps":68,"AcquisitionMatrixPE":68,"ReconMatrixPE":68,"BandwidthPerPixelPhaseEncode":29.412,"EffectiveEchoSpacing":0.000499996,"DerivedVendorReportedEchoSpacing":0.000499996,"TotalReadoutTime":0.0334997,"PixelBandwidth":2300,"PhaseEncodingDirection":"j","SliceTiming":[1.9225,1.8675,1.81,1.755,1.6975,1.64,1.585,1.5275,1.47,1.415,1.3575,1.3,1.245,1.1875,1.1325,1.075,1.0175,0.9625,0.905,0.8475,0.7925,0.735,0.68,0.6225,0.565,0.51,0.4525,0.395,0.34,0.2825,0.2275,0.17,0.1125,0.0575,0],"ImageOrientationPatientDICOM":[0.988282,0.139584,-0.0617696,-0.152641,0.903431,-0.400642],"InPlanePhaseEncodingDirectionDICOM":"COL","ConversionSoftware":"dcm2niix","ConversionSoftwareVersion":"v1.0.20220720","TaskName":"Passive reading"}
